GEM
  remote: https://rubygems.org/
  specs:
    daemons (1.1.9)
    deepopenstruct (0.1.2)
    eventmachine (1.0.3)
    haml (4.0.3)
      tilt
    json (1.8.0)
    rack (1.5.2)
    rack-protection (1.5.0)
      rack
    rottentomatoes (1.1.0)
      deepopenstruct (>= 0.1.2)
      json
    sinatra (1.4.3)
      rack (~> 1.4)
      rack-protection (~> 1.4)
      tilt (~> 1.3, >= 1.3.4)
    thin (1.5.1)
      daemons (>= 1.0.9)
      eventmachine (>= 0.12.6)
      rack (>= 1.0.0)
    tilt (1.4.1)

PLATFORMS
  ruby

DEPENDENCIES
  haml
  json
  rottentomatoes
  sinatra
  thin
